GEM
  remote: http://rubygems.org/
  specs:
    activesupport (3.1.1)
      multi_json (~> 1.0)
    bzip2-ruby (0.2.7)
    coffee-script (2.2.0)
      coffee-script-source
      execjs
    coffee-script-source (1.1.2)
    dalli (1.1.2)
    execjs (1.2.9)
      multi_json (~> 1.0)
    i18n (0.5.0)
    multi_json (1.0.3)
    rack (1.3.5)
    rack-flash (0.1.1)
      rack
    rack-protection (1.1.4)
      rack
    rake (0.9.2.2)
    sass (3.1.10)
    sinatra (1.3.1)
      rack (~> 1.3, >= 1.3.4)
      rack-protection (~> 1.1, >= 1.1.2)
      tilt (~> 1.3, >= 1.3.3)
    steam-condenser (1.0.2)
      bzip2-ruby (~> 0.2.7)
      multi_json (~> 1.0.3)
    tilt (1.3.3)

PLATFORMS
  ruby

DEPENDENCIES
  activesupport (= 3.1.1)
  bundler (~> 1.0.7)
  coffee-script
  dalli
  i18n (= 0.5.0)
  rack (= 1.3.5)
  rack-flash (= 0.1.1)
  rake
  sass
  sinatra (= 1.3.1)
  steam-condenser (= 1.0.2)
